PATH
  remote: .
  specs:
    configru (3.3.1)

GEM
  remote: https://rubygems.org/
  specs:
    diff-lcs (1.2.4)
    multi_json (1.3.6)
    rake (10.1.0)
    rspec (2.14.1)
      rspec-core (~> 2.14.0)
      rspec-expectations (~> 2.14.0)
      rspec-mocks (~> 2.14.0)
    rspec-core (2.14.5)
    rspec-expectations (2.14.3)
      diff-lcs (>= 1.1.3, < 2.0)
    rspec-mocks (2.14.3)
    simplecov (0.7.1)
      multi_json (~> 1.0)
      simplecov-html (~> 0.7.1)
    simplecov-html (0.7.1)

PLATFORMS
  ruby

DEPENDENCIES
  configru!
  rake (~> 10.1.0)
  rspec (~> 2.14.0)
  simplecov (~> 0.7.0)
